GEM
  remote: https://rubygems.org/
  specs:
    minitest (5.4.0)
    minitest-power_assert (0.0.3)
      minitest
      power_assert
    power_assert (0.1.3)

PLATFORMS
  ruby

DEPENDENCIES
  minitest-power_assert
